GEM
  remote: https://rubygems.org/
  specs:
    date (3.3.3)
    dotenv (2.8.1)
    nokogiri (1.14.3-x64-mingw-ucrt)
      racc (~> 1.4)
    open-uri (0.3.0)
      stringio
      time
      uri
    racc (1.6.2)
    regexp_parser (2.8.0)
    rexml (3.2.5)
    rubyzip (2.3.2)
    selenium-webdriver (4.8.6)
      rexml (~> 3.2, >= 3.2.5)
      rubyzip (>= 1.2.2, < 3.0)
      websocket (~> 1.0)
    stringio (3.0.6)
    time (0.2.2)
      date
    uri (0.12.1)
    watir (7.2.2)
      regexp_parser (>= 1.2, < 3)
      selenium-webdriver (~> 4.2)
    webdrivers (5.2.0)
      nokogiri (~> 1.6)
      rubyzip (>= 1.3.0)
      selenium-webdriver (~> 4.0)
    websocket (1.2.9)

PLATFORMS
  x64-mingw-ucrt

DEPENDENCIES
  dotenv
  nokogiri
  open-uri
  selenium-webdriver
  watir
  webdrivers

RUBY VERSION
   ruby 3.1.2p20

BUNDLED WITH
   2.4.12
